GEM
  remote: http://rubygems.org/
  specs:
    configuration (1.3.4)

PLATFORMS
  ruby

DEPENDENCIES
  configuration (= 1.3.4)
