GEM
  remote: http://rubygems.org/
  specs:
    configuration (1.3.4)
    rmagick (2.13.3)

PLATFORMS
  ruby

DEPENDENCIES
  configuration (= 1.3.4)
  rmagick
